GEM
  remote: https://rubygems.org/
  specs:
    activesupport (3.1.12)
      multi_json (~> 1.0)
    backports (3.3.0)
    diff-lcs (1.2.4)
    grit (2.4.1)
      diff-lcs (~> 1.1)
      mime-types (~> 1.15)
    haml (4.0.2)
      tilt
    http_router (0.10.2)
      rack (>= 1.0.0)
      url_mount (~> 0.2.1)
    i18n (0.6.4)
    mail (2.3.3)
      i18n (>= 0.4.0)
      mime-types (~> 1.16)
      treetop (~> 1.4.8)
    mime-types (1.23)
    multi_json (1.7.2)
    padrino (0.10.2)
      padrino-admin (= 0.10.2)
      padrino-cache (= 0.10.2)
      padrino-core (= 0.10.2)
      padrino-gen (= 0.10.2)
      padrino-helpers (= 0.10.2)
      padrino-mailer (= 0.10.2)
    padrino-admin (0.10.2)
      padrino-core (= 0.10.2)
      padrino-helpers (= 0.10.2)
    padrino-cache (0.10.2)
      padrino-core (= 0.10.2)
    padrino-core (0.10.2)
      activesupport (~> 3.1.0)
      http_router (~> 0.10.2)
      sinatra (~> 1.2.6)
      thor (~> 0.14.3)
      tilt (~> 1.3.0)
    padrino-gen (0.10.2)
      bundler (~> 1.0)
      grit (~> 2.4.1)
      padrino-core (= 0.10.2)
    padrino-helpers (0.10.2)
      i18n (~> 0.6)
      padrino-core (= 0.10.2)
    padrino-mailer (0.10.2)
      mail (~> 2.3.0)
      padrino-core (= 0.10.2)
    polyglot (0.3.3)
    rack (1.4.5)
    rack-flash (0.1.2)
      rack
    rake (10.0.4)
    sinatra (1.2.9)
      backports
      rack (~> 1.1, < 1.5)
      tilt (>= 1.2.2, < 2.0)
    thor (0.14.6)
    tilt (1.3.7)
    treetop (1.4.12)
      polyglot
      polyglot (>= 0.3.1)
    url_mount (0.2.1)
      rack

PLATFORMS
  ruby

DEPENDENCIES
  haml
  padrino (= 0.10.2)
  rack-flash
  rake
